GIT
  remote: https://github.com/Ruin0x11/ruby-jdict.git
  revision: 89d6267fd1a1d265de6ce84b3cf55f61109b4c6a
  specs:
    ruby-jdict (0.0.3)
      amalgalite (~> 1.5.0)
      libxml-ruby (~> 2.8.0)

PATH
  remote: .
  specs:
    kaisuu (0.1.0)
      ve (~> 0.0.3)

GEM
  remote: https://rubygems.org/
  specs:
    amalgalite (1.5.0)
      arrayfields (~> 4.9)
    arrayfields (4.9.2)
    libxml-ruby (2.8.0)
    rake (10.5.0)
    ve (0.0.3)

PLATFORMS
  ruby

DEPENDENCIES
  bundler (~> 1.11)
  kaisuu!
  rake (~> 10.0)
  ruby-jdict!

BUNDLED WITH
   1.11.2
